PATH
  remote: .
  specs:
    card_number_validator (0.1.1)

GEM
  remote: https://rubygems.org/
  specs:
    ansi (1.5.0)
    diff-lcs (1.3)
    docile (1.3.0)
    hirb (0.7.3)
    json (2.1.0)
    rake (12.3.3)
    rspec (3.7.0)
      rspec-core (~> 3.7.0)
      rspec-expectations (~> 3.7.0)
      rspec-mocks (~> 3.7.0)
    rspec-core (3.7.1)
      rspec-support (~> 3.7.0)
    rspec-expectations (3.7.0)
      diff-lcs (>= 1.2.0, < 2.0)
      rspec-support (~> 3.7.0)
    rspec-mocks (3.7.0)
      diff-lcs (>= 1.2.0, < 2.0)
      rspec-support (~> 3.7.0)
    rspec-support (3.7.1)
    simplecov (0.16.1)
      docile (~> 1.1)
      json (>= 1.8, < 3)
      simplecov-html (~> 0.10.0)
    simplecov-console (0.4.2)
      ansi
      hirb
      simplecov
    simplecov-html (0.10.2)

PLATFORMS
  ruby

DEPENDENCIES
  card_number_validator!
  rake
  rspec
  simplecov
  simplecov-console

BUNDLED WITH
   1.16.1
